GEM
  remote: https://rubygems.org/
  specs:
    commonjs (0.2.6)
    hike (1.2.3)
    less (2.3.2)
      commonjs (~> 0.2.6)
    libv8 (3.11.8.17)
    multi_json (1.7.7)
    rack (1.5.2)
    rake (10.1.0)
    ref (1.0.5)
    sprockets (2.10.0)
      hike (~> 1.2)
      multi_json (~> 1.0)
      rack (~> 1.0)
      tilt (~> 1.1, != 1.3.0)
    sprockets-less (0.5.3)
      less (~> 2.3.0)
      tilt (~> 1.1)
    therubyracer (0.11.4)
      libv8 (~> 3.11.8.12)
      ref
    tilt (1.4.1)

PLATFORMS
  ruby

DEPENDENCIES
  rack
  rake
  sprockets
  sprockets-less
  therubyracer
