GEM
  remote: https://rubygems.org/
  specs:
    coffee-script (2.2.0)
      coffee-script-source
      execjs
    coffee-script-source (1.6.2)
    commonjs (0.2.6)
    execjs (1.4.0)
      multi_json (~> 1.0)
    hike (1.2.3)
    less (2.3.2)
      commonjs (~> 0.2.6)
    multi_json (1.7.7)
    rack (1.5.2)
    rake (10.1.0)
    sprockets (2.10.0)
      hike (~> 1.2)
      multi_json (~> 1.0)
      rack (~> 1.0)
      tilt (~> 1.1, != 1.3.0)
    sprockets-less (0.5.3)
      less (~> 2.3.0)
      tilt (~> 1.1)
    tilt (1.4.1)

PLATFORMS
  ruby

DEPENDENCIES
  coffee-script
  rack
  rake
  sprockets
  sprockets-less
